PATH
  remote: .
  specs:
    sfkb (0.1.2)
      dotenv (~> 2.2)
      restforce (~> 2.5)

GEM
  remote: https://rubygems.org/
  specs:
    byebug (10.0.0)
    coderay (1.1.2)
    docile (1.1.5)
    dotenv (2.2.1)
    faraday (0.14.0)
      multipart-post (>= 1.2, < 3)
    faraday_middleware (0.12.2)
      faraday (>= 0.7.4, < 1.0)
    hashie (3.5.7)
    hipsterhash (0.0.4)
    json (2.1.0)
    method_source (0.9.0)
    minispec-metadata (2.0.0)
      minitest
    minitest (5.11.3)
    minitest-vcr (1.4.0)
      minispec-metadata (~> 2.0)
      minitest (>= 4.7.5)
      vcr (>= 2.9)
    multipart-post (2.0.0)
    pry (0.11.3)
      coderay (~> 1.1.0)
      method_source (~> 0.9.0)
    pry-byebug (3.6.0)
      byebug (~> 10.0)
      pry (~> 0.10)
    rack (2.0.4)
    rack-test (0.8.3)
      rack (>= 1.0, < 3)
    rake (12.3.0)
    restforce (2.5.3)
      faraday (>= 0.9.0, <= 1.0)
      faraday_middleware (>= 0.8.8, <= 1.0)
      hashie (>= 1.2.0, < 4.0)
      json (>= 1.7.5)
    simplecov (0.15.1)
      docile (~> 1.1.0)
      json (>= 1.8, < 3)
      simplecov-html (~> 0.10.0)
    simplecov-html (0.10.2)
    vcr (4.0.0)

PLATFORMS
  ruby

DEPENDENCIES
  bundler (~> 1.16)
  byebug (~> 10.0)
  faraday (~> 0.12)
  hipsterhash (~> 0.0.4)
  minitest (~> 5.11)
  minitest-vcr (~> 1.4)
  pry (~> 0.11)
  pry-byebug (~> 3.6)
  rack-test (~> 0.8)
  rake (~> 12.3)
  sfkb!
  simplecov (~> 0.15)
  vcr (~> 4.0)

BUNDLED WITH
   1.16.1
